GIT
  remote: git://github.com/activeadmin-plugins/active_admin_import.git
  revision: 206d7e9051238c75fbf48f645df9988b4c77a284
  specs:
    active_admin_import (3.0.0.pre)
      activerecord-import (>= 0.16.1)
      rails (>= 4.0)
      rchardet (~> 1.6)
      rubyzip (~> 1.2)

GIT
  remote: git://github.com/activeadmin/inherited_resources.git
  revision: 6707bf7e45b9a25e84c6c95a37d67b1dc28d211d
  specs:
    inherited_resources (1.6.0)
      actionpack (>= 3.2, < 5.1)
      has_scope (~> 0.6)
      railties (>= 3.2, < 5.1)
      responders

GIT
  remote: git://github.com/jplusplus/jquest-pg.git
  revision: f8f016470ab356f38612640f63b68f7e376fec7c
  branch: master
  specs:
    jquest_pg (0.0.9)
      active_model_serializers (~> 0.10.0)
      google_drive
      grape-active_model_serializers
      pundit
      rails (= 5.0.0)
      schema_plus_foreign_keys
      tty

GEM
  remote: https://rubygems.org/
  specs:
    actioncable (5.0.0)
      actionpack (= 5.0.0)
      nio4r (~> 1.2)
      websocket-driver (~> 0.6.1)
    actionmailer (5.0.0)
      actionpack (= 5.0.0)
      actionview (= 5.0.0)
      activejob (= 5.0.0)
      mail (~> 2.5, >= 2.5.4)
      rails-dom-testing (~> 2.0)
    actionpack (5.0.0)
      actionview (= 5.0.0)
      activesupport (= 5.0.0)
      rack (~> 2.0)
      rack-test (~> 0.6.3)
      rails-dom-testing (~> 2.0)
      rails-html-sanitizer (~> 1.0, >= 1.0.2)
    actionview (5.0.0)
      activesupport (= 5.0.0)
      builder (~> 3.1)
      erubis (~> 2.7.0)
      rails-dom-testing (~> 2.0)
      rails-html-sanitizer (~> 1.0, >= 1.0.2)
    active_admin-sortable_tree (0.3.0)
      activeadmin (>= 0.6)
      jquery-ui-rails (~> 5.0)
      rails (>= 3.2)
    active_admin_theme (1.0.3)
    active_model_serializers (0.10.4)
      actionpack (>= 4.1, < 6)
      activemodel (>= 4.1, < 6)
      case_transform (>= 0.2)
      jsonapi (= 0.1.1.beta6)
    activeadmin (1.0.0.pre4)
      arbre (~> 1.0, >= 1.0.2)
      bourbon
      coffee-rails
      formtastic (~> 3.1)
      formtastic_i18n
      inherited_resources (~> 1.6)
      jquery-rails
      jquery-ui-rails
      kaminari (~> 0.15)
      rails (>= 3.2, < 5.1)
      ransack (~> 1.3)
      sass-rails
      sprockets (< 4)
    activejob (5.0.0)
      activesupport (= 5.0.0)
      globalid (>= 0.3.6)
    activemodel (5.0.0)
      activesupport (= 5.0.0)
    activerecord (5.0.0)
      activemodel (= 5.0.0)
      activesupport (= 5.0.0)
      arel (~> 7.0)
    activerecord-import (0.17.0)
      activerecord (>= 3.2)
    activesupport (5.0.0)
      concurrent-ruby (~> 1.0, >= 1.0.2)
      i18n (~> 0.7)
      minitest (~> 5.1)
      tzinfo (~> 1.1)
    addressable (2.5.0)
      public_suffix (~> 2.0, >= 2.0.2)
    angular-rails-templates (1.0.2)
      railties (>= 4.2, < 6)
      sprockets (>= 3.0, < 5)
      tilt
    api-pagination (4.5.2)
    arbre (1.1.1)
      activesupport (>= 3.0.0)
    arel (7.1.4)
    attr_encrypted (3.0.3)
      encryptor (~> 3.0.0)
    aws-sdk (2.6.48)
      aws-sdk-resources (= 2.6.48)
    aws-sdk-core (2.6.48)
      aws-sigv4 (~> 1.0)
      jmespath (~> 1.0)
    aws-sdk-resources (2.6.48)
      aws-sdk-core (= 2.6.48)
    aws-sigv4 (1.0.0)
    axiom-types (0.1.1)
      descendants_tracker (~> 0.0.4)
      ice_nine (~> 0.11.0)
      thread_safe (~> 0.3, >= 0.3.1)
    bcrypt (3.1.11)
    better_errors (2.1.1)
      coderay (>= 1.0.0)
      erubis (>= 2.6.6)
      rack (>= 0.9.0)
    binding_of_caller (0.7.2)
      debug_inspector (>= 0.0.1)
    bourbon (4.2.7)
      sass (~> 3.4)
      thor (~> 0.19)
    bower-rails (0.10.0)
    builder (3.2.3)
    bullet (5.5.0)
      activesupport (>= 3.0.0)
      uniform_notifier (~> 1.10.0)
    byebug (9.0.6)
    callsite (0.0.11)
    case_transform (0.2)
      activesupport
    choice (0.2.0)
    coderay (1.1.1)
    coercible (1.0.0)
      descendants_tracker (~> 0.0.1)
    coffee-rails (4.2.1)
      coffee-script (>= 2.2.0)
      railties (>= 4.0.0, < 5.2.x)
    coffee-script (2.4.1)
      coffee-script-source
      execjs
    coffee-script-source (1.12.2)
    concurrent-ruby (1.0.4)
    countries (2.0.6)
      i18n_data (~> 0.7.0)
      money (~> 6.7)
      sixarm_ruby_unaccent (~> 1.1)
      unicode_utils (~> 1.4)
    country_select (3.0.0)
      countries (~> 2.0)
      sort_alphabetical (~> 1.0)
    css_parser (1.4.7)
      addressable
    dalli (2.7.6)
    debug_inspector (0.0.2)
    descendants_tracker (0.0.4)
      thread_safe (~> 0.3, >= 0.3.1)
    devise (4.2.0)
      bcrypt (~> 3.0)
      orm_adapter (~> 0.1)
      railties (>= 4.1.0, < 5.1)
      responders
      warden (~> 1.2.3)
    devise-two-factor (3.0.0)
      activesupport
      attr_encrypted (>= 1.3, < 4, != 2)
      devise (~> 4.0)
      railties
      rotp (~> 2.0)
    devise_invitable (1.7.0)
      actionmailer (>= 4.0.0)
      devise (>= 4.0.0)
    em-websocket (0.5.1)
      eventmachine (>= 0.12.9)
      http_parser.rb (~> 0.6.0)
    encryptor (3.0.0)
    enumerize (2.0.1)
      activesupport (>= 3.2)
    equalizer (0.0.11)
    equatable (0.5.0)
    erubis (2.7.0)
    eventmachine (1.2.1)
    execjs (2.7.0)
    faraday (0.11.0)
      multipart-post (>= 1.2, < 3)
    faraday_middleware (0.11.0)
      faraday (>= 0.7.4, < 1.0)
    ffi (1.9.17)
    formatador (0.2.5)
    formtastic (3.1.4)
      actionpack (>= 3.2.13)
    formtastic_i18n (0.6.0)
    garner (0.5.3)
      activesupport
      json
      multi_json (>= 1.3.0)
      rack
    gli (2.14.0)
    globalid (0.3.7)
      activesupport (>= 4.1.0)
    google-api-client (0.9.20)
      addressable (~> 2.3)
      googleauth (~> 0.5)
      httpclient (~> 2.7)
      hurley (~> 0.1)
      memoist (~> 0.11)
      mime-types (>= 1.6)
      representable (~> 2.3.0)
      retriable (~> 2.0)
    google_drive (2.1.2)
      google-api-client (>= 0.9.0, < 1.0.0)
      googleauth (>= 0.5.0, < 1.0.0)
      nokogiri (>= 1.5.3, < 2.0.0)
    googleauth (0.5.1)
      faraday (~> 0.9)
      jwt (~> 1.4)
      logging (~> 2.0)
      memoist (~> 0.12)
      multi_json (~> 1.11)
      os (~> 0.9)
      signet (~> 0.7)
    grape (0.19.1)
      activesupport
      builder
      hashie (>= 2.1.0)
      multi_json (>= 1.3.2)
      multi_xml (>= 0.5.2)
      mustermann-grape (~> 0.4.0)
      rack (>= 1.3.0)
      rack-accept
      virtus (>= 1.0.0)
    grape-active_model_serializers (1.5.0)
      active_model_serializers (>= 0.10.0)
      grape (>= 0.8.0)
    guard (2.14.0)
      formatador (>= 0.2.4)
      listen (>= 2.7, < 4.0)
      lumberjack (~> 1.0)
      nenv (~> 0.1)
      notiffany (~> 0.0)
      pry (>= 0.9.12)
      shellany (~> 0.0)
      thor (>= 0.18.1)
    guard-compat (1.2.1)
    guard-livereload (2.5.2)
      em-websocket (~> 0.5)
      guard (~> 2.8)
      guard-compat (~> 1.0)
      multi_json (~> 1.8)
    has_scope (0.7.0)
      actionpack (>= 4.1, < 5.1)
      activesupport (>= 4.1, < 5.1)
    hashie (3.4.6)
    hodel_3000_compliant_logger (0.1.1)
    htmlentities (4.3.4)
    http_parser.rb (0.6.0)
    httpclient (2.8.3)
    hurley (0.2)
    i18n (0.7.0)
    i18n_data (0.7.0)
    ice_nine (0.11.2)
    its-it (1.3.0)
    jbuilder (2.6.1)
      activesupport (>= 3.0.0, < 5.1)
      multi_json (~> 1.2)
    jmespath (1.3.1)
    jquery-rails (4.2.2)
      rails-dom-testing (>= 1, < 3)
      railties (>= 4.2.0)
      thor (>= 0.14, < 2.0)
    jquery-ui-rails (5.0.5)
      railties (>= 3.2.16)
    json (1.8.6)
    jsonapi (0.1.1.beta6)
      jsonapi-parser (= 0.1.1.beta3)
      jsonapi-renderer (= 0.1.1.beta1)
    jsonapi-parser (0.1.1.beta3)
    jsonapi-renderer (0.1.1.beta1)
    jwt (1.5.6)
    kaminari (0.17.0)
      actionpack (>= 3.0.0)
      activesupport (>= 3.0.0)
    key_struct (0.4.2)
    listen (3.1.5)
      rb-fsevent (~> 0.9, >= 0.9.4)
      rb-inotify (~> 0.9, >= 0.9.7)
      ruby_dep (~> 1.2)
    little-plugger (1.1.4)
    logging (2.1.0)
      little-plugger (~> 1.1)
      multi_json (~> 1.10)
    loofah (2.0.3)
      nokogiri (>= 1.5.9)
    lumberjack (1.0.11)
    mail (2.6.4)
      mime-types (>= 1.16, < 4)
    memoist (0.15.0)
    meta_request (0.4.0)
      callsite (~> 0.0, >= 0.0.11)
      rack-contrib (~> 1.1)
      railties (>= 3.0.0, < 5.1.0)
    method_source (0.8.2)
    mime-types (3.1)
      mime-types-data (~> 3.2015)
    mime-types-data (3.2016.0521)
    mini_portile2 (2.1.0)
    minitest (5.10.1)
    modware (0.1.3)
      key_struct (~> 0.4)
    money (6.8.1)
      i18n (>= 0.6.4, <= 0.7.0)
      sixarm_ruby_unaccent (>= 1.1.1, < 2)
    multi_json (1.12.1)
    multi_xml (0.6.0)
    multipart-post (2.0.0)
    mustermann (0.4.0)
      tool (~> 0.2)
    mustermann-grape (0.4.0)
      mustermann (= 0.4.0)
    necromancer (0.3.0)
    nenv (0.3.0)
    newrelic_rpm (3.17.2.327)
    ngannotate-rails (1.2.2)
      execjs
      rails (>= 3.1)
    nio4r (1.2.1)
    nokogiri (1.7.0.1)
      mini_portile2 (~> 2.1.0)
    notiffany (0.1.1)
      nenv (~> 0.1)
      shellany (~> 0.0)
    oink (0.10.1)
      activerecord
      hodel_3000_compliant_logger
    orm_adapter (0.5.0)
    os (0.9.6)
    paper_trail (6.0.2)
      activerecord (>= 4.0, < 5.2)
      request_store (~> 1.1)
    pastel (0.6.1)
      equatable (~> 0.5.0)
      tty-color (~> 0.3.0)
    pg (0.19.0)
    polyamorous (1.3.1)
      activerecord (>= 3.0)
    premailer (1.9.1)
      css_parser (>= 1.4.5)
      htmlentities (>= 4.0.0)
    premailer-rails (1.9.5)
      actionmailer (>= 3, < 6)
      premailer (~> 1.7, >= 1.7.9)
    pry (0.10.4)
      coderay (~> 1.1.0)
      method_source (~> 0.8.1)
      slop (~> 3.4)
    public_suffix (2.0.5)
    puma (3.6.2)
    pundit (1.1.0)
      activesupport (>= 3.0.0)
    rack (2.0.1)
    rack-accept (0.4.5)
      rack (>= 0.4)
    rack-contrib (1.2.0)
      rack (>= 0.9.1)
    rack-cors (0.4.0)
    rack-livereload (0.3.16)
      rack
    rack-test (0.6.3)
      rack (>= 1.0)
    rails (5.0.0)
      actioncable (= 5.0.0)
      actionmailer (= 5.0.0)
      actionpack (= 5.0.0)
      actionview (= 5.0.0)
      activejob (= 5.0.0)
      activemodel (= 5.0.0)
      activerecord (= 5.0.0)
      activesupport (= 5.0.0)
      bundler (>= 1.3.0, < 2.0)
      railties (= 5.0.0)
      sprockets-rails (>= 2.0.0)
    rails-dom-testing (2.0.2)
      activesupport (>= 4.2.0, < 6.0)
      nokogiri (~> 1.6)
    rails-erd (1.5.0)
      activerecord (>= 3.2)
      activesupport (>= 3.2)
      choice (~> 0.2.0)
      ruby-graphviz (~> 1.2)
    rails-html-sanitizer (1.0.3)
      loofah (~> 2.0)
    rails_12factor (0.0.3)
      rails_serve_static_assets
      rails_stdout_logging
    rails_serve_static_assets (0.0.5)
    rails_stdout_logging (0.0.5)
    railties (5.0.0)
      actionpack (= 5.0.0)
      activesupport (= 5.0.0)
      method_source
      rake (>= 0.8.7)
      thor (>= 0.18.1, < 2.0)
    rake (12.0.0)
    ransack (1.8.2)
      actionpack (>= 3.0)
      activerecord (>= 3.0)
      activesupport (>= 3.0)
      i18n
      polyamorous (~> 1.3)
    rb-fsevent (0.9.8)
    rb-inotify (0.9.7)
      ffi (>= 0.5.0)
    rchardet (1.6.1)
    rdoc (4.3.0)
    redcarpet (3.4.0)
    representable (2.3.0)
      uber (~> 0.0.7)
    request_store (1.3.2)
    responders (2.3.0)
      railties (>= 4.2.0, < 5.1)
    retriable (2.1.0)
    rotp (2.1.2)
    ruby-graphviz (1.2.2)
    ruby_dep (1.5.0)
    rubyzip (1.2.0)
    sass (3.4.23)
    sass-css-importer (1.0.0.beta.0)
      sass (>= 3.1)
    sass-rails (5.0.6)
      railties (>= 4.0.0, < 6)
      sass (~> 3.1)
      sprockets (>= 2.8, < 4.0)
      sprockets-rails (>= 2.0, < 4.0)
      tilt (>= 1.1, < 3)
    schema_monkey (2.1.5)
      activerecord (>= 4.2)
      modware (~> 0.1)
    schema_plus_compatibility (0.2.0)
      activerecord (>= 4.2, < 5.1)
      schema_monkey (~> 2.1)
    schema_plus_core (2.0.1)
      activerecord (~> 5.0)
      its-it (~> 1.2)
      schema_monkey (~> 2.1)
    schema_plus_foreign_keys (0.1.7)
      activerecord (>= 4.2, < 5.1)
      its-it (~> 1.2)
      schema_plus_compatibility (~> 0.2)
      schema_plus_core
      valuable
    sdoc (0.4.2)
      json (~> 1.7, >= 1.7.7)
      rdoc (~> 4.0)
    seed_migration (1.2.2)
    shellany (0.0.1)
    signet (0.7.3)
      addressable (~> 2.3)
      faraday (~> 0.9)
      jwt (~> 1.5)
      multi_json (~> 1.10)
    sixarm_ruby_unaccent (1.1.1)
    slack-ruby-client (0.7.7)
      activesupport
      faraday
      faraday_middleware
      gli
      hashie
      json
      websocket-driver
    slop (3.6.0)
    sort_alphabetical (1.1.0)
      unicode_utils (>= 1.2.2)
    spring (2.0.0)
      activesupport (>= 4.2)
    sprockets (3.6.3)
      concurrent-ruby (~> 1.0)
      rack (> 1, < 3)
    sprockets-rails (3.2.0)
      actionpack (>= 4.0)
      activesupport (>= 4.0)
      sprockets (>= 3.0.0)
    sqlite3 (1.3.13)
    thor (0.19.4)
    thread_safe (0.3.5)
    tilt (2.0.5)
    tool (0.2.3)
    tty (0.5.0)
      equatable (~> 0.5.0)
      pastel (~> 0.6.0)
      tty-color (~> 0.3.0)
      tty-command (~> 0.1.0)
      tty-cursor (~> 0.3.0)
      tty-pager (~> 0.4.0)
      tty-platform (~> 0.1.0)
      tty-progressbar (~> 0.9.0)
      tty-prompt (~> 0.6.0)
      tty-screen (~> 0.5.0)
      tty-spinner (~> 0.2.0)
      tty-table (~> 0.5.0)
      tty-which (~> 0.1.0)
    tty-color (0.3.0)
    tty-command (0.1.0)
      pastel (~> 0.6.0)
    tty-cursor (0.3.0)
    tty-pager (0.4.0)
      tty-screen (~> 0.5.0)
      tty-which (~> 0.1.0)
      verse (~> 0.4.0)
    tty-platform (0.1.0)
    tty-progressbar (0.9.0)
      tty-screen (~> 0.5.0)
    tty-prompt (0.6.0)
      necromancer (~> 0.3.0)
      pastel (~> 0.6.0)
      tty-cursor (~> 0.3.0)
      tty-platform (~> 0.1.0)
      wisper (~> 1.6.1)
    tty-screen (0.5.0)
    tty-spinner (0.2.0)
    tty-table (0.5.0)
      equatable (~> 0.5.0)
      necromancer (~> 0.3.0)
      pastel (~> 0.6.0)
      tty-screen (~> 0.5.0)
      unicode_utils (~> 1.4.0)
      verse (~> 0.4.0)
    tty-which (0.1.0)
    tzinfo (1.2.2)
      thread_safe (~> 0.1)
    uber (0.0.15)
    uglifier (3.0.4)
      execjs (>= 0.3.0, < 3)
    unicode_utils (1.4.0)
    uniform_notifier (1.10.0)
    valuable (0.9.13)
    verse (0.4.0)
      unicode_utils (~> 1.4.0)
    virtus (1.0.5)
      axiom-types (~> 0.1)
      coercible (~> 1.0)
      descendants_tracker (~> 0.0, >= 0.0.3)
      equalizer (~> 0.0, >= 0.0.9)
    warden (1.2.6)
      rack (>= 1.0)
    web-console (3.3.1)
      actionview (>= 5.0)
      activemodel (>= 5.0)
      debug_inspector
      railties (>= 5.0)
    websocket-driver (0.6.4)
      websocket-extensions (>= 0.1.0)
    websocket-extensions (0.1.2)
    wisper (1.6.1)

PLATFORMS
  ruby

DEPENDENCIES
  active_admin-sortable_tree
  active_admin_import!
  active_admin_theme
  active_model_serializers (~> 0.10.0)
  activeadmin (~> 1.0.0.pre4)
  activerecord-import
  angular-rails-templates (~> 1.0.2)
  api-pagination
  aws-sdk (~> 2)
  better_errors
  binding_of_caller
  bower-rails (~> 0.10.0)
  bullet
  byebug
  coffee-rails (~> 4.2.1)
  country_select
  dalli
  devise
  devise-two-factor
  devise_invitable
  enumerize
  garner
  grape
  grape-active_model_serializers
  guard-livereload (~> 2.5.2)
  inherited_resources!
  jbuilder (~> 2.0)
  jquest_pg!
  meta_request
  newrelic_rpm
  ngannotate-rails
  nokogiri
  oink
  paper_trail
  pg
  premailer-rails
  puma
  pundit
  rack-cors
  rack-livereload
  rails (= 5.0.0)
  rails-erd
  rails_12factor
  ransack
  redcarpet
  sass-css-importer
  sass-rails (= 5.0.6)
  sdoc (~> 0.4.0)
  seed_migration
  slack-ruby-client (~> 0.7.5)
  spring
  sprockets (= 3.6.3)
  sqlite3
  uglifier (>= 1.3.0)
  web-console (~> 3.3.1)

BUNDLED WITH
   1.13.6
